GEM
  remote: http://rubygems.org/
  specs:
    actionmailer (2.3.4)
      actionpack (= 2.3.4)
    actionpack (2.3.4)
      activesupport (= 2.3.4)
      rack (~> 1.0.0)
    activerecord (2.3.4)
      activesupport (= 2.3.4)
    activeresource (2.3.4)
      activesupport (= 2.3.4)
    activesupport (2.3.4)
    addressable (2.3.7)
    chronic (0.10.2)
    curb (0.8.6)
    geokit (1.6.7)
      multi_json (>= 1.3.2)
    geokit-rails (1.1.4)
      geokit (>= 1.5.0)
    json (1.8.2)
    multi_json (1.10.1)
    mysql (2.9.1)
    pdfkit (0.5.3)
    prawn (0.6.3)
      prawn-core (>= 0.6.3, < 0.7)
      prawn-core (>= 0.6.3, < 0.7)
      prawn-format (>= 0.2.3, < 0.3)
      prawn-format (>= 0.2.3, < 0.3)
      prawn-layout (>= 0.3.2, < 0.4)
      prawn-layout (>= 0.3.2, < 0.4)
      prawn-security (>= 0.1.1, < 0.2)
      prawn-security (>= 0.1.1, < 0.2)
    prawn-core (0.6.3)
    prawn-format (0.2.3)
      prawn-core
    prawn-layout (0.3.2)
    prawn-security (0.1.1)
    rack (1.0.1)
    rails (2.3.4)
      actionmailer (= 2.3.4)
      actionpack (= 2.3.4)
      activerecord (= 2.3.4)
      activeresource (= 2.3.4)
      activesupport (= 2.3.4)
      rake (>= 0.8.3)
    rake (10.4.2)
    rdoc (4.2.0)
      json (~> 1.4)
    whenever (0.9.2)
      activesupport (>= 2.3.4)
      chronic (>= 0.6.3)
    will_paginate (2.3.11)
    wkhtmltopdf-binary (0.9.9.1)

PLATFORMS
  ruby

DEPENDENCIES
  addressable
  curb
  geokit (~> 1.6.5)
  geokit-rails (~> 1.1.4)
  mysql
  pdfkit (= 0.5.3)
  prawn (= 0.6.3)
  rails (= 2.3.4)
  rdoc
  whenever (= 0.9.2)
  will_paginate (= 2.3.11)
  wkhtmltopdf-binary (= 0.9.9.1)
